GEM
  remote: http://rubygems.org/
  specs:
    diff-lcs (1.2.5)
    eventmachine (1.0.3)
    hashie (2.0.5)
    ick (0.3.0)
      ruby2ruby (>= 1.1.8)
    rack (1.5.2)
    rack-test (0.6.2)
      rack (>= 1.0)
    rake (10.1.1)
    rspec (2.14.1)
      rspec-core (~> 2.14.0)
      rspec-expectations (~> 2.14.0)
      rspec-mocks (~> 2.14.0)
    rspec-core (2.14.7)
    rspec-expectations (2.14.4)
      diff-lcs (>= 1.1.3, < 2.0)
    rspec-mocks (2.14.4)
    ruby-dbus (0.10.0)
    ruby-debug-ide (0.4.22)
      rake (>= 0.8.1)
    ruby2ruby (2.0.7)
      ruby_parser (~> 3.1)
      sexp_processor (~> 4.0)
    ruby_parser (3.3.0)
      sexp_processor (~> 4.1)
    sexp_processor (4.4.1)

PLATFORMS
  ruby

DEPENDENCIES
  eventmachine
  hashie
  ick
  rack-test
  rake
  rspec
  ruby-dbus
  ruby-debug-ide
